PATH
  remote: .
  specs:
    lanyon (0.0.1)
      activesupport
      mustache
      pygments.rb
      rdiscount
      rspec
      sass

GEM
  remote: https://rubygems.org/
  specs:
    activesupport (3.2.6)
      i18n (~> 0.6)
      multi_json (~> 1.0)
    blankslate (2.1.2.4)
    diff-lcs (1.1.3)
    ffi (1.0.11)
    i18n (0.6.0)
    mime-types (3.0)
      mime-types-data (~> 3.2015)
    mime-types-data (3.2015.1120)
    multi_json (1.3.6)
    mustache (0.99.4)
    pygments.rb (0.2.12)
      rubypython (~> 0.5.3)
    rack (1.6.4)
    rake (13.0.1)
    rdiscount (1.6.8)
    rspec (2.10.0)
      rspec-core (~> 2.10.0)
      rspec-expectations (~> 2.10.0)
      rspec-mocks (~> 2.10.0)
    rspec-core (2.10.1)
    rspec-expectations (2.10.0)
      diff-lcs (~> 1.1.3)
    rspec-mocks (2.10.1)
    rubypython (0.5.3)
      blankslate (>= 2.1.2.3)
      ffi (~> 1.0.7)
    sass (3.1.19)

PLATFORMS
  ruby

DEPENDENCIES
  lanyon!
  mime-types
  rack
  rake

BUNDLED WITH
   1.11.2
